GIT
  remote: git://github.com/puppetlabs/puppetlabs-stdlib.git
  revision: e718604646b9f44c398995b30f90ccbab752d5cf
  tag: 2.3.0
  specs:
    puppetlabs-stdlib (1.0.0)

GEM
  remote: http://rubygems.org/
  specs:
    diff-lcs (1.1.3)
    facter (1.7.2)
    hiera (1.2.1)
      json_pure
    json_pure (1.8.0)
    metaclass (0.0.1)
    mocha (0.10.5)
      metaclass (~> 0.0.1)
    puppet (3.2.4)
      facter (~> 1.6)
      hiera (~> 1.0)
      rgen (~> 0.6.5)
    puppetlabs_spec_helper (0.4.1)
      mocha (>= 0.10.5)
      rake
      rspec (>= 2.9.0)
      rspec-puppet (>= 0.1.1)
    rake (10.1.0)
    rgen (0.6.5)
    rspec (2.11.0)
      rspec-core (~> 2.11.0)
      rspec-expectations (~> 2.11.0)
      rspec-mocks (~> 2.11.0)
    rspec-core (2.11.1)
    rspec-expectations (2.11.3)
      diff-lcs (~> 1.1.3)
    rspec-mocks (2.11.3)
    rspec-puppet (0.1.6)
      rspec

PLATFORMS
  ruby

DEPENDENCIES
  facter
  mocha (~> 0.10.5)
  puppet
  puppetlabs-stdlib (= 1.0.0)!
  puppetlabs_spec_helper
  rake
  rspec (~> 2.11.0)
  rspec-puppet
